GEM
  remote: https://rubygems.org/
  specs:
    agoo (2.15.12)
    builder (3.3.0)
    faraday (2.11.0)
      faraday-net_http (>= 2.0, < 3.4)
      logger
    faraday-net_http (3.3.0)
      net-http
    geminabox (2.1.0)
      builder
      faraday (> 1.0, < 3.0)
      httpclient (>= 2.2.7)
      nesty
      reentrant_flock
      sinatra (~> 2.0)
    httpclient (2.8.3)
    logger (1.6.1)
    mustermann (2.0.2)
      ruby2_keywords (~> 0.0.1)
    nesty (1.0.2)
    net-http (0.4.1)
      uri
    rack (2.2.9)
    rack-protection (2.2.4)
      rack
    reentrant_flock (0.1.1)
    ruby2_keywords (0.0.5)
    sinatra (2.2.4)
      mustermann (~> 2.0)
      rack (~> 2.2)
      rack-protection (= 2.2.4)
      tilt (~> 2.0)
    tilt (2.4.0)
    uri (0.13.1)

PLATFORMS
  ruby

DEPENDENCIES
  agoo (~> 2.15)
  geminabox (~> 2.1)

BUNDLED WITH
   2.5.11
