GEM
  remote: https://rubygems.org/
  specs:
    builder (3.2.4)
    faraday (1.0.1)
      multipart-post (>= 1.2, < 3)
    geminabox (1.2.0)
      builder
      faraday
      httpclient (>= 2.2.7)
      nesty
      reentrant_flock
      sinatra (>= 1.2.7)
    httpclient (2.8.3)
    multipart-post (2.1.1)
    mustermann (1.1.1)
      ruby2_keywords (~> 0.0.1)
    nesty (1.0.2)
    nio4r (2.5.7)
    puma (5.2.2)
      nio4r (~> 2.0)
    rack (2.2.3)
    rack-protection (2.0.8.1)
      rack
    reentrant_flock (0.1.1)
    ruby2_keywords (0.0.2)
    sinatra (2.0.8.1)
      mustermann (~> 1.0)
      rack (~> 2.0)
      rack-protection (= 2.0.8.1)
      tilt (~> 2.0)
    tilt (2.0.10)

PLATFORMS
  ruby
  x86_64-linux-musl

DEPENDENCIES
  geminabox (~> 1.2.0)
  puma (~> 5.0)

BUNDLED WITH
<<<<<<< HEAD
   2.2.13
=======
   2.2.7
>>>>>>> b45e0815fa5cc5363cbb92b958ce43e851403ea1
